GIT
  remote: git://github.com/IronFoundry/common.git
  revision: 32d0814121b1354ba7c4ef1cb9e51ebef20c7c51
  branch: ironfoundry
  specs:
    vcap_logging (1.0.2)
      rake

GIT
  remote: git://github.com/IronFoundry/vcap-common.git
  revision: 66d8c74b72d282c40e289b2a654592874c6cf2c7
  branch: ironfoundry
  specs:
    vcap_common (2.0.7)
      em-http-request (~> 1.0.0.beta3)
      eventmachine
      httpclient
      membrane (~> 0.0.2)
      mime-types
      multipart-post
      nats (~> 0.4.24)
      posix-spawn (~> 0.3.6)
      thin
      uuidtools
      yajl-ruby (~> 0.8.3)

GIT
  remote: git://github.com/IronFoundry/vcap-services-base.git
  revision: 2bd7d8ca0b6c934c51f42a284ed4935cad64be52
  branch: ironfoundry
  specs:
    vcap_services_base (0.1.16)
      curb (~> 0.7.16)
      datamapper (~> 1.1.0)
      do_sqlite3 (~> 0.10.3)
      em-http-request (~> 1.0.0.beta.3)
      eventmachine (>= 1.0.0.beta.3)
      eventmachine_httpserver (~> 0.2.1)
      json (~> 1.4.6)
      nats (~> 0.4.22.beta.8)
      resque (~> 1.20)
      resque-status (~> 0.3.2)
      ruby-hmac (~> 0.4.0)
      rubyzip (~> 0.9.8)
      sinatra (~> 1.2.3)
      thin (~> 1.3.1)
      uuidtools (~> 2.1.2)
      vcap_common (>= 1.0.8)
      vcap_logging (>= 1.0.2)
      warden-client (~> 0.0.6)
      warden-protocol (~> 0.0.5)

GIT
  remote: git://github.com/cloudfoundry/warden.git
  revision: 21f9a32ab501a6485c9a4e7aff4f9b6f40e31e3c
  ref: 21f9a32ab50
  specs:
    warden-client (0.0.6)
      warden-protocol
    warden-protocol (0.0.5)
      beefcake

GEM
  remote: http://rubygems.org/
  specs:
    addressable (2.2.8)
    bcrypt-ruby (2.1.4-x86-mingw32)
    beefcake (0.3.7)
    builder (3.0.0)
    ci_reporter (1.7.1)
      builder (>= 2.1.2)
    cookiejar (0.3.0)
    curb (0.7.18)
    daemons (1.1.9)
    data_objects (0.10.8)
      addressable (~> 2.1)
    datamapper (1.1.0)
      dm-aggregates (= 1.1.0)
      dm-constraints (= 1.1.0)
      dm-core (= 1.1.0)
      dm-migrations (= 1.1.0)
      dm-serializer (= 1.1.0)
      dm-timestamps (= 1.1.0)
      dm-transactions (= 1.1.0)
      dm-types (= 1.1.0)
      dm-validations (= 1.1.0)
    diff-lcs (1.1.3)
    dm-aggregates (1.1.0)
      dm-core (~> 1.1.0)
    dm-constraints (1.1.0)
      dm-core (~> 1.1.0)
    dm-core (1.1.0)
      addressable (~> 2.2.4)
    dm-do-adapter (1.1.0)
      data_objects (~> 0.10.2)
      dm-core (~> 1.1.0)
    dm-migrations (1.1.0)
      dm-core (~> 1.1.0)
    dm-serializer (1.1.0)
      dm-core (~> 1.1.0)
      fastercsv (~> 1.5.4)
      json (~> 1.4.6)
    dm-sqlite-adapter (1.1.0)
      dm-do-adapter (~> 1.1.0)
      do_sqlite3 (~> 0.10.2)
    dm-timestamps (1.1.0)
      dm-core (~> 1.1.0)
    dm-transactions (1.1.0)
      dm-core (~> 1.1.0)
    dm-types (1.1.0)
      bcrypt-ruby (~> 2.1.4)
      dm-core (~> 1.1.0)
      fastercsv (~> 1.5.4)
      json (~> 1.4.6)
      stringex (~> 1.2.0)
      uuidtools (~> 2.1.2)
    dm-validations (1.1.0)
      dm-core (~> 1.1.0)
    do_sqlite3 (0.10.8-x86-mingw32)
      data_objects (= 0.10.8)
    em-http-request (1.0.3)
      addressable (>= 2.2.3)
      cookiejar
      em-socksify
      eventmachine (>= 1.0.0.beta.4)
      http_parser.rb (>= 0.5.3)
    em-socksify (0.2.1)
      eventmachine (>= 1.0.0.beta.4)
    eventmachine (1.0.0.rc.4-x86-mingw32)
    eventmachine_httpserver (0.2.1)
    fastercsv (1.5.5)
    http_parser.rb (0.5.3-x86-mingw32)
    httpclient (2.2.7)
    json (1.4.6)
    json_pure (1.7.5)
    macaddr (1.6.1)
      systemu (~> 2.5.0)
    membrane (0.0.2)
    mime-types (1.19)
    multi_json (1.3.6)
    multipart-post (1.1.5)
    nats (0.4.24)
      daemons (>= 1.1.5)
      eventmachine (>= 0.12.10)
      json_pure (>= 1.7.3)
      thin (>= 1.3.1)
    posix-spawn (0.3.6)
    rack (1.4.1)
    rake (0.9.2.2)
    redis (3.0.1)
    redis-namespace (1.2.1)
      redis (~> 3.0.0)
    redisk (0.2.2)
      redis (>= 0.1.1)
      redis-namespace (>= 0.1.0)
    resque (1.22.0)
      multi_json (~> 1.0)
      redis-namespace (~> 1.0)
      sinatra (>= 0.9.2)
      vegas (~> 0.1.2)
    resque-status (0.3.3)
      redisk (>= 0.2.1)
      resque (~> 1.19)
      uuid (~> 2.3)
    rspec (2.11.0)
      rspec-core (~> 2.11.0)
      rspec-expectations (~> 2.11.0)
      rspec-mocks (~> 2.11.0)
    rspec-core (2.11.1)
    rspec-expectations (2.11.2)
      diff-lcs (~> 1.1.3)
    rspec-mocks (2.11.2)
    ruby-hmac (0.4.0)
    rubyzip (0.9.9)
    simplecov (0.6.4)
      multi_json (~> 1.0)
      simplecov-html (~> 0.5.3)
    simplecov-html (0.5.3)
    sinatra (1.2.8)
      rack (~> 1.1)
      tilt (>= 1.2.2, < 2.0)
    stringex (1.2.2)
    systemu (2.5.2)
    thin (1.3.1)
      daemons (>= 1.0.9)
      eventmachine (>= 0.12.6)
      rack (>= 1.0.0)
    tilt (1.3.3)
    tiny_tds (0.5.1-x86-mingw32)
    uuid (2.3.5)
      macaddr (~> 1.0)
    uuidtools (2.1.3)
    vegas (0.1.11)
      rack (>= 1.0.0)
    win32-api (1.4.8-x86-mingw32)
    win32-eventlog (0.5.3)
      windows-pr (>= 0.9.3)
    win32-service (0.7.2-x86-mingw32)
      windows-pr (>= 1.0.8)
    windows-api (0.4.2)
      win32-api (>= 1.4.5)
    windows-pr (1.2.2)
      win32-api (>= 1.4.5)
      windows-api (>= 0.3.0)
    yajl-ruby (0.8.3)

PLATFORMS
  x86-mingw32

DEPENDENCIES
  ci_reporter
  datamapper (>= 0.10.2)
  dm-sqlite-adapter
  do_sqlite3
  em-http-request
  eventmachine (>= 1.0.0.rc.4)
  json
  nats
  rake
  rspec
  ruby-hmac
  simplecov
  sinatra
  thin
  tiny_tds
  uuidtools
  vcap_common!
  vcap_logging!
  vcap_services_base!
  warden-client!
  warden-protocol!
  win32-eventlog
  win32-service
